PATH
  remote: .
  specs:
    http_headers-accept_language (0.2.2)
      http_headers-utils (>= 0.2.0, < 1.0.0)

GEM
  remote: https://rubygems.org/
  specs:
    http_headers-utils (0.2.0)
    minitest (5.24.1)
    rake (13.2.1)

PLATFORMS
  ruby
  x64-mingw32

DEPENDENCIES
  bundler (~> 2.0)
  http_headers-accept_language!
  minitest (~> 5.0)
  rake (~> 13.0)

BUNDLED WITH
   2.0.1
